{
    "Modality": "MR", 
    "MagneticFieldStrength": 7, 
    "ImagingFrequency": 297.19, 
    "Manufacturer": "Siemens", 
    "ManufacturersModelName": "Terra", 
    "InstitutionName": "Martinos Center 7T Terra", 
    "InstitutionalDepartmentName": "Martinos Center", 
    "InstitutionAddress": "13th St 149,Charlestown,MA,US,02129", 
    "DeviceSerialNumber": "79121", 
    "StationName": "BAY2OC", 
    "BodyPartExamined": "HEADNECK", 
    "PatientPosition": "HFS", 
    "ProcedureStepDescription": "BIANCIARDI^fMRI", 
    "SoftwareVersions": "syngo MR E12", 
    "MRAcquisitionType": "3D", 
    "SeriesDescription": "MPRAGE_750micron", 
    "ProtocolName": "MPRAGE_750micron", 
    "ScanningSequence": "GR\\IR", 
    "SequenceVariant": "SK\\SP\\MP", 
    "ScanOptions": "IR", 
    "SequenceName": "*tfl3d1_16ns", 
    "ImageType": [
        "ORIGINAL", 
        "PRIMARY", 
        "M", 
        "ND"
    ], 
    "SeriesNumber": 2, 
    "AcquisitionTime": "11:35:26.717500", 
    "AcquisitionNumber": 1, 
    "SliceThickness": 0.75, 
    "SAR": 0.2646, 
    "EchoTime": 0.00165, 
    "RepetitionTime": 2.53, 
    "InversionTime": 1.1, 
    "FlipAngle": 7, 
    "PartialFourier": 1, 
    "BaseResolution": 320, 
    "ShimSetting": [
        3676, 
        -6769, 
        -3132, 
        200, 
        9, 
        -361, 
        189, 
        -121
    ], 
    "TxRefAmp": 222.528, 
    "PhaseResolution": 1, 
    "ReceiveCoilName": "1Tx32Rx_Head", 
    "ReceiveCoilActiveElements": "A32", 
    "PulseSequenceDetails": "%SiemensSeq%\\tfl", 
    "RefLinesPE": 32, 
    "ConsistencyInfo": "N4_VE12U_LATEST_20181126", 
    "PercentPhaseFOV": 100, 
    "PercentSampling": 100, 
    "PhaseEncodingSteps": 319, 
    "AcquisitionMatrixPE": 320, 
    "ReconMatrixPE": 320, 
    "ParallelReductionFactorInPlane": 2, 
    "PixelBandwidth": 1200, 
    "DwellTime": 1.3e-06, 
    "ImageOrientationPatientDICOM": [
        0, 
        1, 
        0, 
        0, 
        0, 
        -1
    ], 
    "InPlanePhaseEncodingDirectionDICOM": "ROW", 
    "ConversionSoftware": "dcm2niix", 
    "ConversionSoftwareVersion": "v1.0.20210317", 
    "Dcm2bidsVersion": "2.1.4"
}