{
    "Modality": "MR", 
    "MagneticFieldStrength": 7, 
    "ImagingFrequency": 297.19, 
    "Manufacturer": "Siemens", 
    "ManufacturersModelName": "Terra", 
    "InstitutionName": "Martinos Center 7T Terra", 
    "InstitutionalDepartmentName": "Martinos Center", 
    "InstitutionAddress": "13th St 149,Charlestown,MA,US,02129", 
    "DeviceSerialNumber": "79121", 
    "StationName": "BAY2OC", 
    "BodyPartExamined": "HEADNECK", 
    "PatientPosition": "HFS", 
    "ProcedureStepDescription": "BIANCIARDI^fMRI", 
    "SoftwareVersions": "syngo MR E12", 
    "MRAcquisitionType": "2D", 
    "SeriesDescription": "gre_field_mapping_sag_2mm", 
    "ProtocolName": "gre_field_mapping_sag_2mm", 
    "ScanningSequence": "GR", 
    "SequenceVariant": "SP", 
    "SequenceName": "*fm2d2r", 
    "ImageType": [
        "ORIGINAL", 
        "PRIMARY", 
        "M", 
        "ND"
    ], 
    "SeriesNumber": 3, 
    "AcquisitionTime": "11:43:58.895000", 
    "AcquisitionNumber": 1, 
    "SliceThickness": 2, 
    "SpacingBetweenSlices": 2, 
    "SAR": 0.168486, 
    "EchoNumber": 2, 
    "EchoTime": 0.00408, 
    "RepetitionTime": 0.57, 
    "FlipAngle": 36, 
    "PartialFourier": 1, 
    "BaseResolution": 64, 
    "ShimSetting": [
        3676, 
        -6769, 
        -3131, 
        202, 
        6, 
        -360, 
        189, 
        -123
    ], 
    "TxRefAmp": 222.528, 
    "PhaseResolution": 1, 
    "ReceiveCoilName": "1Tx32Rx_Head", 
    "CoilString": "A32", 
    "PulseSequenceDetails": "%SiemensSeq%\\gre_field_mapping", 
    "ConsistencyInfo": "N4_VE12U_LATEST_20181126", 
    "PercentPhaseFOV": 87.5, 
    "PercentSampling": 100, 
    "PhaseEncodingSteps": 56, 
    "AcquisitionMatrixPE": 56, 
    "ReconMatrixPE": 56, 
    "PixelBandwidth": 1500, 
    "DwellTime": 5.2e-06, 
    "PhaseEncodingDirection": "i", 
    "SliceTiming": [
        0.28906, 
        0, 
        0.29688, 
        0.00781, 
        0.29688, 
        0.01562, 
        0.30469, 
        0.02344, 
        0.3125, 
        0.03125, 
        0.32031, 
        0.03906, 
        0.32812, 
        0.04688, 
        0.33594, 
        0.04688, 
        0.34375, 
        0.05469, 
        0.35156, 
        0.0625, 
        0.35938, 
        0.07031, 
        0.36719, 
        0.07812, 
        0.375, 
        0.08594, 
        0.375, 
        0.09375, 
        0.38281, 
        0.10156, 
        0.39062, 
        0.10938, 
        0.39844, 
        0.11719, 
        0.40625, 
        0.125, 
        0.41406, 
        0.13281, 
        0.42188, 
        0.14062, 
        0.42969, 
        0.14062, 
        0.4375, 
        0.14844, 
        0.44531, 
        0.15625, 
        0.45312, 
        0.16406, 
        0.46094, 
        0.17188, 
        0.46875, 
        0.17969, 
        0.46875, 
        0.1875, 
        0.47656, 
        0.19531, 
        0.48438, 
        0.20312, 
        0.49219, 
        0.21094, 
        0.5, 
        0.21875, 
        0.50781, 
        0.22656, 
        0.51562, 
        0.23438, 
        0.52344, 
        0.23438, 
        0.53125, 
        0.24219, 
        0.53906, 
        0.25, 
        0.54688, 
        0.25781, 
        0.54688, 
        0.26562, 
        0.55469, 
        0.27344, 
        0.5625, 
        0.28125
    ], 
    "ImageOrientationPatientDICOM": [
        0, 
        1, 
        0, 
        0, 
        0, 
        -1
    ], 
    "InPlanePhaseEncodingDirectionDICOM": "ROW", 
    "ConversionSoftware": "dcm2niix", 
    "ConversionSoftwareVersion": "v1.0.20210317", 
    "Dcm2bidsVersion": "2.1.4", 
    "IntendedFor": "func/sub-ID01_task-meditation_bold.nii.gz"
}