{
    "Modality": "MR", 
    "MagneticFieldStrength": 7, 
    "ImagingFrequency": 297.19, 
    "Manufacturer": "Siemens", 
    "ManufacturersModelName": "Terra", 
    "InstitutionName": "Martinos Center 7T Terra", 
    "InstitutionalDepartmentName": "Martinos Center", 
    "InstitutionAddress": "13th St 149,Charlestown,MA,US,02129", 
    "DeviceSerialNumber": "79121", 
    "StationName": "BAY2OC", 
    "BodyPartExamined": "HEADNECK", 
    "PatientPosition": "HFS", 
    "ProcedureStepDescription": "BIANCIARDI^fMRI", 
    "SoftwareVersions": "syngo MR E12", 
    "MRAcquisitionType": "2D", 
    "SeriesDescription": "ep2d_bold_MGH_R3_SMS3_1p1mm", 
    "ProtocolName": "ep2d_bold_MGH_R3_SMS3_1p1mm", 
    "ScanningSequence": "EP", 
    "SequenceVariant": "SK\\OSP", 
    "ScanOptions": "FS", 
    "SequenceName": "epbMp122d1_162", 
    "ImageType": [
        "ORIGINAL", 
        "PRIMARY", 
        "M", 
        "ND", 
        "MOSAIC"
    ], 
    "SeriesNumber": 6, 
    "AcquisitionTime": "11:54:39.485000", 
    "AcquisitionNumber": 1, 
    "SliceThickness": 1.1, 
    "SpacingBetweenSlices": 1.1, 
    "SAR": 0.106716, 
    "EchoTime": 0.029, 
    "RepetitionTime": 2.69, 
    "FlipAngle": 75, 
    "PartialFourier": 1, 
    "BaseResolution": 218, 
    "ShimSetting": [
        3674, 
        -6765, 
        -3051, 
        249, 
        61, 
        -272, 
        221, 
        -118
    ], 
    "TxRefAmp": 233.056, 
    "PhaseResolution": 1, 
    "ReceiveCoilName": "1Tx32Rx_Head", 
    "ReceiveCoilActiveElements": "A32", 
    "PulseSequenceDetails": "%CustomerSeq%\\ep2d_bold_sms_mgh_v1p2", 
    "WipMemBlock": "094f84e9-f67a-457b-943f-0ca89858a33f", 
    "RefLinesPE": 90, 
    "ConsistencyInfo": "N4_VE12U_LATEST_20181126", 
    "MultibandAccelerationFactor": 3, 
    "PercentPhaseFOV": 74.3119, 
    "PercentSampling": 100, 
    "EchoTrainLength": 53, 
    "PhaseEncodingSteps": 160, 
    "AcquisitionMatrixPE": 162, 
    "ReconMatrixPE": 162, 
    "BandwidthPerPixelPhaseEncode": 24.366, 
    "ParallelReductionFactorInPlane": 3, 
    "EffectiveEchoSpacing": 0.000253338, 
    "DerivedVendorReportedEchoSpacing": 0.000760015, 
    "TotalReadoutTime": 0.0407875, 
    "PixelBandwidth": 1530, 
    "DwellTime": 1.5e-06, 
    "PhaseEncodingDirection": "i", 
    "SliceTiming": [
        1.9875, 
        0, 
        1.345, 
        0.065, 
        1.41, 
        0.13, 
        1.475, 
        0.1925, 
        1.5375, 
        0.2575, 
        1.6025, 
        0.3225, 
        1.665, 
        0.385, 
        1.73, 
        0.45, 
        1.795, 
        0.5125, 
        1.8575, 
        0.5775, 
        1.9225, 
        0.705, 
        2.05, 
        0.77, 
        2.115, 
        0.8325, 
        2.1775, 
        0.8975, 
        2.2425, 
        0.9625, 
        2.3075, 
        1.025, 
        2.37, 
        1.09, 
        2.435, 
        1.155, 
        2.4975, 
        1.2175, 
        2.5625, 
        1.2825, 
        2.6275, 
        0.6425, 
        1.9875, 
        0, 
        1.345, 
        0.065, 
        1.41, 
        0.13, 
        1.475, 
        0.1925, 
        1.5375, 
        0.2575, 
        1.6025, 
        0.3225, 
        1.665, 
        0.385, 
        1.73, 
        0.45, 
        1.795, 
        0.5125, 
        1.8575, 
        0.5775, 
        1.9225, 
        0.705, 
        2.05, 
        0.77, 
        2.115, 
        0.8325, 
        2.1775, 
        0.8975, 
        2.2425, 
        0.9625, 
        2.3075, 
        1.025, 
        2.37, 
        1.09, 
        2.435, 
        1.155, 
        2.4975, 
        1.2175, 
        2.5625, 
        1.2825, 
        2.6275, 
        0.6425, 
        1.9875, 
        0, 
        1.345, 
        0.065, 
        1.41, 
        0.13, 
        1.475, 
        0.1925, 
        1.5375, 
        0.2575, 
        1.6025, 
        0.3225, 
        1.665, 
        0.385, 
        1.73, 
        0.45, 
        1.795, 
        0.5125, 
        1.8575, 
        0.5775, 
        1.9225, 
        0.705, 
        2.05, 
        0.77, 
        2.115, 
        0.8325, 
        2.1775, 
        0.8975, 
        2.2425, 
        0.9625, 
        2.3075, 
        1.025, 
        2.37, 
        1.09, 
        2.435, 
        1.155, 
        2.4975, 
        1.2175, 
        2.5625, 
        1.2825, 
        2.6275, 
        0.6425
    ], 
    "ImageOrientationPatientDICOM": [
        0, 
        1, 
        0, 
        0, 
        0, 
        -1
    ], 
    "InPlanePhaseEncodingDirectionDICOM": "ROW", 
    "ConversionSoftware": "dcm2niix", 
    "ConversionSoftwareVersion": "v1.0.20210317", 
    "Dcm2bidsVersion": "2.1.4", 
    "TaskName": "meditation"
}